GEM
  remote: https://rubygems.org/
  specs:
    abort_if (0.2.0)
    optimist (3.0.0)
    parallel (1.13.0)
    parse_fasta (2.5.2)
    pasv_lib (0.1.1)
      systemu (~> 2.6, >= 2.6.5)
    rya (0.5.1)
      abort_if (~> 0.2.0)
      systemu (~> 2.6, >= 2.6.5)
    systemu (2.6.5)

PLATFORMS
  ruby

DEPENDENCIES
  abort_if (~> 0.2.0)
  optimist (~> 3.0)
  parallel (~> 1.12, >= 1.12.1)
  parse_fasta (~> 2.3)
  pasv_lib (~> 0.1.1)
  rya (~> 0.5.1)

BUNDLED WITH
   1.17.2
